GEM
  remote: http://rubygems.org/
  specs:
    json (1.8.0)
    json (1.8.0-java)
    json_pure (1.8.0)
    rake (10.1.0)
    rdoc (4.0.1)
      json (~> 1.4)
    rr (1.1.2)

PLATFORMS
  java
  ruby

DEPENDENCIES
  json (~> 1.8.0)
  json_pure (~> 1.8.0)
  rake
  rdoc
  rr (~> 1.1)
